GEM
  remote: https://rubygems.org/
  specs:
    cinch (2.2.7)
    coderay (1.1.0)
    method_source (0.8.2)
    pry (0.10.1)
      coderay (~> 1.1.0)
      method_source (~> 0.8.1)
      slop (~> 3.4)
    rack (1.6.4)
    require_all (1.3.2)
    robocop (0.1.1)
      rack
    slop (3.6.0)

PLATFORMS
  ruby

DEPENDENCIES
  cinch (~> 2.2.7)
  pry
  require_all
  robocop
